GEM
  remote: http://rubygems.org/
  specs:
    arrayfields (4.7.4)
    chronic (0.6.2)
    fattr (2.2.0)
    jruby-jars (1.6.4)
    main (4.7.3)
      arrayfields (~> 4.7.4)
      chronic (~> 0.6.2)
      fattr (~> 2.2.0)
      map (~> 4.3.0)
    map (4.3.0)

PLATFORMS
  java
  ruby

DEPENDENCIES
  jruby-jars
  main
