GEM
  remote: http://rubygems.org/
  specs:
    arrayfields (4.7.4)
    chronic (0.6.7)
    fattr (2.2.1)
    jruby-jars (1.6.7)
    main (5.0.1)
      arrayfields (>= 4.7.4)
      chronic (>= 0.6.2)
      fattr (>= 2.2.0)
      map (>= 5.1.0)
    map (5.5.0)
    rake (0.9.2.2)

PLATFORMS
  java
  ruby

DEPENDENCIES
  jruby-jars
  main
  rake
