GEM
  remote: http://rubygems.org/
  specs:
    jruby-jars (1.6.3)
    main (4.7.1)

PLATFORMS
  java
  ruby

DEPENDENCIES
  jruby-jars
  main
