GEM
  remote: http://rubygems.org/
  specs:
    arrayfields (4.7.4)
    chronic (0.6.6)
    fattr (2.2.0)
    jruby-jars (1.6.5.1)
    main (4.8.1)
      arrayfields (~> 4.7.4)
      chronic (~> 0.6.2)
      fattr (~> 2.2.0)
      map (~> 5.1.0)
    map (5.1.0)

PLATFORMS
  java
  ruby

DEPENDENCIES
  jruby-jars
  main
